GEM
  remote: https://rubygems.org/
  specs:
    apollo-federation (3.3.0)
      google-protobuf (~> 3.19)
      graphql (>= 1.10.14)
    byebug (11.1.3)
    google-protobuf (3.21.7-x86_64-darwin)
    graphql (2.0.14)
    multi_json (1.15.0)
    mustermann (3.0.0)
      ruby2_keywords (~> 0.0.1)
    rack (2.2.4)
    rack-contrib (2.3.0)
      rack (~> 2.0)
    rack-protection (3.0.2)
      rack
    ruby2_keywords (0.0.5)
    sinatra (3.0.2)
      mustermann (~> 3.0)
      rack (~> 2.2, >= 2.2.4)
      rack-protection (= 3.0.2)
      tilt (~> 2.0)
    sinatra-contrib (3.0.2)
      multi_json
      mustermann (~> 3.0)
      rack-protection (= 3.0.2)
      sinatra (= 3.0.2)
      tilt (~> 2.0)
    tilt (2.0.11)
    webrick (1.7.0)

PLATFORMS
  x86_64-darwin-20

DEPENDENCIES
  apollo-federation
  byebug
  graphql
  rack-contrib
  sinatra
  sinatra-contrib
  webrick

BUNDLED WITH
   2.2.17
